GEM
  remote: https://rubygems.org/
  specs:
    api_cache (0.3.0)
    better_errors (2.9.1)
      coderay (>= 1.0.0)
      erubi (>= 1.0.0)
      rack (>= 0.9.0)
    binding_of_caller (1.0.0)
      debug_inspector (>= 0.0.1)
    coderay (1.1.3)
    concurrent-ruby (1.1.10)
    crass (1.0.6)
    dalli (3.2.2)
    debug_inspector (1.1.0)
    dotenv (2.8.1)
    erubi (1.11.0)
    et-orbi (1.2.7)
      tzinfo
    feedjira (3.2.1)
      loofah (>= 2.3.1)
      sax-machine (>= 1.0)
    fugit (1.5.3)
      et-orbi (~> 1, >= 1.2.7)
      raabro (~> 1.4)
    htmlentities (4.3.4)
    loofah (2.18.0)
      crass (~> 1.0.2)
      nokogiri (>= 1.5.9)
    mini_portile2 (2.8.0)
    multi_json (1.15.0)
    mustermann (2.0.2)
      ruby2_keywords (~> 0.0.1)
    nio4r (2.5.8)
    nokogiri (1.13.8)
      mini_portile2 (~> 2.8.0)
      racc (~> 1.4)
    puma (5.6.4)
      nio4r (~> 2.0)
    raabro (1.4.0)
    racc (1.6.0)
    rack (2.2.4)
    rack-protection (2.2.2)
      rack
    ruby2_keywords (0.0.5)
    rufus-scheduler (3.8.2)
      fugit (~> 1.1, >= 1.1.6)
    sax-machine (1.3.2)
    sinatra (2.2.2)
      mustermann (~> 2.0)
      rack (~> 2.2)
      rack-protection (= 2.2.2)
      tilt (~> 2.0)
    sinatra-contrib (2.2.2)
      multi_json
      mustermann (~> 2.0)
      rack-protection (= 2.2.2)
      sinatra (= 2.2.2)
      tilt (~> 2.0)
    tilt (2.0.11)
    tzinfo (2.0.5)
      concurrent-ruby (~> 1.0)

PLATFORMS
  ruby

DEPENDENCIES
  api_cache
  better_errors
  binding_of_caller
  dalli
  dotenv
  feedjira
  htmlentities
  nokogiri
  puma (>= 5.3.1)
  rufus-scheduler
  sinatra
  sinatra-contrib

RUBY VERSION
   ruby 3.0.3p157

BUNDLED WITH
   2.2.32
